GEM
  remote: https://rubygems.org/
  specs:
    addressable (2.7.0)
      public_suffix (>= 2.0.2, < 5.0)
    ast (2.4.1)
    byebug (11.1.3)
    coderay (1.1.3)
    domain_name (0.5.20190701)
      unf (>= 0.0.5, < 1.0.0)
    ffi (1.14.2)
    ffi-compiler (1.0.1)
      ffi (>= 1.0.0)
      rake
    http (4.4.1)
      addressable (~> 2.3)
      http-cookie (~> 1.0)
      http-form_data (~> 2.2)
      http-parser (~> 1.2.0)
    http-cookie (1.0.3)
      domain_name (~> 0.5)
    http-form_data (2.3.0)
    http-parser (1.2.2)
      ffi-compiler
    method_source (1.0.0)
    parallel (1.20.1)
    parser (3.0.0.0)
      ast (~> 2.4.1)
    pry (0.13.1)
      coderay (~> 1.1)
      method_source (~> 1.0)
    pry-byebug (3.9.0)
      byebug (~> 11.0)
      pry (~> 0.13.0)
    public_suffix (4.0.6)
    rainbow (3.0.0)
    rake (13.0.3)
    regexp_parser (2.0.3)
    rexml (3.2.4)
    rubocop (1.7.0)
      parallel (~> 1.10)
      parser (>= 2.7.1.5)
      rainbow (>= 2.2.2, < 4.0)
      regexp_parser (>= 1.8, < 3.0)
      rexml
      rubocop-ast (>= 1.2.0, < 2.0)
      ruby-progressbar (~> 1.7)
      unicode-display_width (>= 1.4.0, < 2.0)
    rubocop-ast (1.3.0)
      parser (>= 2.7.1.5)
    ruby-progressbar (1.10.1)
    unf (0.1.4)
      unf_ext
    unf_ext (0.0.7.7)
    unicode-display_width (1.7.0)

PLATFORMS
  ruby

DEPENDENCIES
  http (= 4.4.1)
  pry-byebug (~> 3.9.0)
  rubocop (= 1.7.0)

RUBY VERSION
   ruby 2.7.2p137

BUNDLED WITH
   2.1.4
